GIT
  remote: https://github.com/boblail/synonymous
  revision: e95b92b3e3355738da6f52a635ecbc464c637a66
  branch: master
  specs:
    synonymous (0.1.0)
      faraday
      faraday-raise-errors

GEM
  remote: http://rubygems.org/
  specs:
    faraday (1.2.0)
      multipart-post (>= 1.2, < 3)
      ruby2_keywords
    faraday-raise-errors (0.3.0)
      faraday
    multipart-post (2.1.1)
    ruby2_keywords (0.0.2)

PLATFORMS
  ruby

DEPENDENCIES
  synonymous!

BUNDLED WITH
   1.17.2
